GEM
  remote: https://rubgems.org/
  specs:
    sinatra (1.4.5)
      rack (~> 1.4)
      rack-protection (~> 1.4)
      tilt (~> 1.3, >= 1.3.4)

  PLATFORMS
    ruby

  DEPENDENCIES
    sinatra
